GEM
  remote: https://rubygems.org/
  specs:
    bcrypt (3.1.10)
    byebug (8.2.0)
    coderay (1.1.0)
    erubis (2.7.0)
    method_source (0.8.2)
    minitest (5.8.3)
    pry (0.10.3)
      coderay (~> 1.1.0)
      method_source (~> 0.8.1)
      slop (~> 3.4)
    pry-byebug (3.3.0)
      byebug (~> 8.0)
      pry (~> 0.10)
    rack (1.6.4)
    roda (2.8.0)
      rack
    sequel (4.28.0)
    slop (3.6.0)
    sqlite3 (1.3.11)
    tilt (2.0.1)

PLATFORMS
  ruby

DEPENDENCIES
  bcrypt
  erubis
  minitest
  pry
  pry-byebug
  roda
  sequel
  sqlite3
  tilt

BUNDLED WITH
   1.10.6
