GEM
  remote: https://rubygems.org/
  specs:
    addressable (2.3.8)
    byebug (8.2.0)
    coderay (1.1.0)
    dotenv (2.0.2)
    erubis (2.7.0)
    faraday (0.9.2)
      multipart-post (>= 1.2, < 3)
    hashie (3.4.3)
    jwt (1.5.2)
    method_source (0.8.2)
    minitest (5.8.3)
    multi_json (1.11.2)
    multi_xml (0.5.5)
    multipart-post (2.0.0)
    oauth2 (1.0.0)
      faraday (>= 0.8, < 0.10)
      jwt (~> 1.0)
      multi_json (~> 1.3)
      multi_xml (~> 0.5)
      rack (~> 1.2)
    omniauth (1.2.2)
      hashie (>= 1.2, < 4)
      rack (~> 1.0)
    omniauth-google-oauth2 (0.2.10)
      addressable (~> 2.3)
      jwt (~> 1.0)
      multi_json (~> 1.3)
      omniauth (>= 1.1.1)
      omniauth-oauth2 (~> 1.3.1)
    omniauth-oauth2 (1.3.1)
      oauth2 (~> 1.0)
      omniauth (~> 1.2)
    pry (0.10.3)
      coderay (~> 1.1.0)
      method_source (~> 0.8.1)
      slop (~> 3.4)
    pry-byebug (3.3.0)
      byebug (~> 8.0)
      pry (~> 0.10)
    rack (1.6.4)
    roda (2.8.0)
      rack
    sequel (4.28.0)
    slop (3.6.0)
    sqlite3 (1.3.11)
    tilt (2.0.1)
    yard (0.8.7.6)

PLATFORMS
  ruby

DEPENDENCIES
  dotenv
  erubis
  minitest
  omniauth-google-oauth2
  pry
  pry-byebug
  roda
  sequel
  sqlite3
  tilt
  yard

BUNDLED WITH
   1.10.6
